GEM
  remote: http://rubygems.org/
  specs:
    haml (3.1.2)
    rack (1.2.1)
    sequel (3.27.0)
    sinatra (1.2.6)
      rack (~> 1.1)
      tilt (>= 1.2.2, < 2.0)
    sqlite3 (1.3.4)
    tilt (1.3.3)

PLATFORMS
  ruby

DEPENDENCIES
  haml
  rack (= 1.2.1)
  sequel
  sinatra
  sqlite3
